GEM
  remote: http://rubygems.org/
  specs:
    activemodel (3.0.7)
      activesupport (= 3.0.7)
      builder (~> 2.1.2)
      i18n (~> 0.5.0)
    activeresource (3.0.7)
      activemodel (= 3.0.7)
      activesupport (= 3.0.7)
    activesupport (3.0.7)
    archive-tar-minitar (0.5.2)
    builder (2.1.2)
    columnize (0.3.2)
    edi4r (0.9.4.2)
    edi4r-tdid (0.6.5)
    haml (3.1.1)
    i18n (0.5.0)
    linecache19 (0.5.12)
      ruby_core_source (>= 0.1.4)
    ooor (1.5.2)
      activeresource (>= 2.3.5)
    rack (1.2.2)
    ruby-debug-base19 (0.11.25)
      columnize (>= 0.3.1)
      linecache19 (>= 0.5.11)
      ruby_core_source (>= 0.1.4)
    ruby-debug19 (0.11.6)
      columnize (>= 0.3.1)
      linecache19 (>= 0.5.11)
      ruby-debug-base19 (>= 0.11.19)
    ruby_core_source (0.1.5)
      archive-tar-minitar (>= 0.5.2)
    sinatra (1.2.6)
      rack (~> 1.1)
      tilt (< 2.0, >= 1.2.2)
    tilt (1.3)

PLATFORMS
  ruby

DEPENDENCIES
  edi4r
  edi4r-tdid
  haml
  ooor
  ruby-debug19
  sinatra
